GIT
  remote: https://github.com/caiosba/slack-rtmapi
  revision: 58c209f40f02f0328c1a9e3df6ca4980a4d1c510
  ref: 58c209f
  specs:
    slack-rtmapi (1.0.0.rc4)
      websocket-driver

GEM
  remote: https://rubygems.org/
  specs:
    activesupport (6.1.7.3)
      concurrent-ruby (~> 1.0, >= 1.0.2)
      i18n (>= 1.6, < 2)
      minitest (>= 5.1)
      tzinfo (~> 2.0)
      zeitwerk (~> 2.3)
    concurrent-ruby (1.2.2)
    i18n (1.12.0)
      concurrent-ruby (~> 1.0)
    minitest (5.18.0)
    tzinfo (2.0.6)
      concurrent-ruby (~> 1.0)
    websocket-driver (0.5.1)
      websocket-extensions (>= 0.1.0)
    websocket-extensions (0.1.5)
    zeitwerk (2.6.7)

PLATFORMS
  ruby

DEPENDENCIES
  activesupport
  slack-rtmapi!
